NUGET
  remote: https://www.nuget.org/api/v2
    FAKE (4.39.1)
    Fleece (0.4)
      FSharpPlus (>= 0.0.4)
      ReadOnlyCollectionExtensions (>= 1.2)
      ReadOnlyCollectionInterfaces (1.0)
      System.Json (>= 4.0.20126.16343)
    FsControl (1.0.13)
    FSharp.Configuration (0.6.2)
    FSharp.Core (4.0.0.1)
    FSharp.Data (2.3.2)
      Zlib.Portable (>= 1.11) - framework: portable-net45+sl5+win8, portable-net45+win8, portable-net45+win8+wp8+wpa81
    FSharpPlus (0.0.4)
      FsControl (>= 1.0.9)
    LinqBridge (1.3) - framework: net20
    Npgsql (2.2.7)
    ReadOnlyCollectionExtensions (1.3)
      LinqBridge (>= 1.3) - framework: net20
      ReadOnlyCollectionInterfaces (1.0) - framework: net20, >= net35
    ReadOnlyCollectionInterfaces (1.0)
    SQLProvider (1.0.24)
    Suave (1.1.3)
      FSharp.Core (>= 3.1.2.5)
    Suave.Experimental (1.1.3)
      FSharp.Core (>= 3.1.2.5)
      Suave (>= 1.1.3)
    System.Json (4.0.20126.16343)
    Zlib.Portable (1.11) - framework: portable-net45+sl5+win8, portable-net45+win8, portable-net45+win8+wp8+wpa81
