NUGET
  remote: https://www.nuget.org/api/v2
    FAKE (4.39)
    FSharp.Core (4.0.0.1)
    FSharp.Data (2.3.2)
      Zlib.Portable (>= 1.11) - framework: portable-net45+sl5+win8, portable-net45+win8, portable-net45+win8+wp8+wpa81
    FSharp.Data.TypeProviders (5.0.0.2)
      FSharp.Core (>= 3.1.2.5)
    Microsoft.NETCore.Platforms (1.0.1) - framework: net46, >= net46, netstandard13, >= netstandard13, >= netstandard15
    Microsoft.NETCore.Targets (1.0.1) - framework: net46, >= net46, netstandard13, >= netstandard13, >= netstandard15
    Microsoft.Win32.Primitives (4.0.1) - framework: >= net46, netstandard13, >= netstandard13, >= netstandard16
      Microsoft.NETCore.Platforms (>= 1.0.1) - framework: >= net46, >= netstandard13
      Microsoft.NETCore.Targets (>= 1.0.1) - framework: >= net46, >= netstandard13
      System.Runtime (>= 4.1) - framework: >= net46, >= netstandard13
    Npgsql (3.1.7)
      Microsoft.Win32.Primitives (>= 4.0.1) - framework: >= net46, >= netstandard13
      System.Collections.Concurrent (>= 4.0.12) - framework: >= net46, >= netstandard13
      System.ComponentModel.TypeConverter (>= 4.1) - framework: >= net46, >= netstandard13
      System.Console (>= 4.0) - framework: >= net46, >= netstandard13
      System.Data.Common (>= 4.1) - framework: >= net46, >= netstandard13
      System.Diagnostics.Contracts (>= 4.0.1) - framework: >= net46, >= netstandard13
      System.Globalization.Extensions (>= 4.0.1) - framework: >= net46, >= netstandard13
      System.Linq (>= 4.1) - framework: >= net46, >= netstandard13
      System.Net.NameResolution (>= 4.0) - framework: >= net46, >= netstandard13
      System.Net.NetworkInformation (>= 4.1) - framework: >= net46, >= netstandard13
      System.Net.Primitives (>= 4.0.11) - framework: >= net46, >= netstandard13
      System.Net.Security (>= 4.0) - framework: >= net46, >= netstandard13
      System.Net.Sockets (>= 4.1) - framework: >= net46, >= netstandard13
      System.Reflection (>= 4.1) - framework: >= net46, >= netstandard13
      System.Reflection.Extensions (>= 4.0.1) - framework: >= net46, >= netstandard13
      System.Reflection.TypeExtensions (>= 4.1) - framework: >= net46, >= netstandard13
      System.Runtime (>= 4.1) - framework: >= net46, >= netstandard13
      System.Runtime.InteropServices (>= 4.1) - framework: >= net46, >= netstandard13
      System.Runtime.InteropServices.RuntimeInformation (>= 4.0) - framework: >= net46, >= netstandard13
      System.Runtime.Numerics (>= 4.0.1) - framework: >= net46, >= netstandard13
      System.Text.Encoding.Extensions (>= 4.0.11) - framework: >= net46, >= netstandard13
      System.Text.RegularExpressions (>= 4.1) - framework: >= net46, >= netstandard13
      System.Threading (>= 4.0.11) - framework: >= net46, >= netstandard13
      System.Threading.Thread (>= 4.0) - framework: >= net46, >= netstandard13
      System.Threading.Timer (>= 4.0.1) - framework: >= net46, >= netstandard13
    runtime.native.System (4.0) - framework: >= net46, >= netstandard13, >= netstandard16
      Microsoft.NETCore.Platforms (>= 1.0.1)
      Microsoft.NETCore.Targets (>= 1.0.1)
    runtime.native.System.Net.Http (4.0.1) - framework: >= netstandard16
      Microsoft.NETCore.Platforms (>= 1.0.1)
      Microsoft.NETCore.Targets (>= 1.0.1)
    runtime.native.System.Net.Security (4.0.1) - framework: >= netstandard16
      Microsoft.NETCore.Platforms (>= 1.0.1)
      Microsoft.NETCore.Targets (>= 1.0.1)
    runtime.native.System.Security.Cryptography (4.0) - framework: net46, >= net461, netstandard13, >= netstandard16
      Microsoft.NETCore.Platforms (>= 1.0.1)
      Microsoft.NETCore.Targets (>= 1.0.1)
    Suave (1.1.3)
      FSharp.Core (>= 3.1.2.5)
    System.Collections (4.0.11) - framework: net46, >= net46, netstandard13, >= netstandard13, >= netstandard15
      Microsoft.NETCore.Platforms (>= 1.0.1) - framework: >= net46, dnxcore50, >= netstandard10, >= netstandard13
      Microsoft.NETCore.Targets (>= 1.0.1) - framework: >= net46, dnxcore50, >= netstandard10, >= netstandard13
      System.Runtime (>= 4.1) - framework: >= net46, dnxcore50, >= netstandard10, >= netstandard13
    System.Collections.Concurrent (4.0.12) - framework: net46, >= net46, netstandard13, >= netstandard13, >= netstandard16
      System.Collections (>= 4.0.11) - framework: >= net46, dnxcore50, >= netstandard13
      System.Diagnostics.Debug (>= 4.0.11) - framework: >= net46, dnxcore50, >= netstandard13
      System.Diagnostics.Tracing (>= 4.1) - framework: >= net46, dnxcore50, >= netstandard13
      System.Globalization (>= 4.0.11) - framework: >= net46, dnxcore50, >= netstandard13
      System.Reflection (>= 4.1) - framework: >= net46, >= netstandard13
      System.Resources.ResourceManager (>= 4.0.1) - framework: >= net46, dnxcore50, >= netstandard13
      System.Runtime (>= 4.1) - framework: net45, >= net46, dnxcore50, >= netstandard11, >= netstandard13
      System.Runtime.Extensions (>= 4.1) - framework: >= net46, dnxcore50, >= netstandard13
      System.Threading (>= 4.0.11) - framework: >= net46, dnxcore50, >= netstandard13
      System.Threading.Tasks (>= 4.0.11) - framework: net45, >= net46, dnxcore50, >= netstandard11, >= netstandard13
    System.Collections.NonGeneric (4.0.1) - framework: >= net462, >= netstandard15
      System.Diagnostics.Debug (>= 4.0.11) - framework: >= net46, >= netstandard13
      System.Globalization (>= 4.0.11) - framework: >= net46, >= netstandard13
      System.Resources.ResourceManager (>= 4.0.1) - framework: >= net46, >= netstandard13
      System.Runtime (>= 4.1) - framework: >= net46, >= netstandard13
      System.Runtime.Extensions (>= 4.1) - framework: >= net46, >= netstandard13
      System.Threading (>= 4.0.11) - framework: >= net46, >= netstandard13
    System.Collections.Specialized (4.0.1) - framework: >= netstandard15
      System.Collections.NonGeneric (>= 4.0.1) - framework: >= net46, >= netstandard13
      System.Globalization (>= 4.0.11) - framework: >= net46, >= netstandard13
      System.Globalization.Extensions (>= 4.0.1) - framework: >= net46, >= netstandard13
      System.Resources.ResourceManager (>= 4.0.1) - framework: >= net46, >= netstandard13
      System.Runtime (>= 4.1) - framework: >= net46, >= netstandard13
      System.Runtime.Extensions (>= 4.1) - framework: >= net46, >= netstandard13
      System.Threading (>= 4.0.11) - framework: >= net46, >= netstandard13
    System.ComponentModel (4.0.1) - framework: >= netstandard15
      System.Runtime (>= 4.1) - framework: >= net46, dnxcore50, >= netstandard10, >= netstandard13
    System.ComponentModel.Primitives (4.1) - framework: >= net462, >= netstandard15
      System.ComponentModel (>= 4.0.1) - framework: >= netstandard10
      System.Resources.ResourceManager (>= 4.0.1) - framework: >= netstandard10
      System.Runtime (>= 4.1) - framework: >= netstandard10
    System.ComponentModel.TypeConverter (4.1) - framework: >= net46, >= netstandard13
      System.Collections (>= 4.0.11) - framework: netstandard10, >= netstandard15
      System.Collections.NonGeneric (>= 4.0.1) - framework: >= net462, >= netstandard15
      System.Collections.Specialized (>= 4.0.1) - framework: >= netstandard15
      System.ComponentModel (>= 4.0.1) - framework: netstandard10, >= netstandard15
      System.ComponentModel.Primitives (>= 4.1) - framework: net45, >= net462, netstandard10, >= netstandard15, winv4.5, wpv8.0, wpav8.1
      System.Globalization (>= 4.0.11) - framework: netstandard10, >= netstandard15
      System.Linq (>= 4.1) - framework: >= netstandard15
      System.Reflection (>= 4.1) - framework: netstandard10, >= netstandard15
      System.Reflection.Extensions (>= 4.0.1) - framework: netstandard10, >= netstandard15
      System.Reflection.Primitives (>= 4.0.1) - framework: netstandard10, >= netstandard15
      System.Reflection.TypeExtensions (>= 4.1) - framework: >= netstandard15
      System.Resources.ResourceManager (>= 4.0.1) - framework: netstandard10, >= netstandard15
      System.Runtime (>= 4.1) - framework: netstandard10, >= netstandard15
      System.Runtime.Extensions (>= 4.1) - framework: netstandard10, >= netstandard15
      System.Threading (>= 4.0.11) - framework: netstandard10, >= netstandard15
    System.Console (4.0) - framework: >= net46, >= netstandard13
      Microsoft.NETCore.Platforms (>= 1.0.1) - framework: >= net46, >= netstandard13
      Microsoft.NETCore.Targets (>= 1.0.1) - framework: >= net46, >= netstandard13
      System.IO (>= 4.1) - framework: >= net46, >= netstandard13
      System.Runtime (>= 4.1) - framework: >= net46, >= netstandard13
      System.Text.Encoding (>= 4.0.11) - framework: >= net46, >= netstandard13
    System.Data.Common (4.1) - framework: >= net46, >= netstandard13
      System.Collections (>= 4.0.11) - framework: >= net451, >= netstandard12
      System.Globalization (>= 4.0.11) - framework: >= net451, >= netstandard12
      System.IO (>= 4.1) - framework: >= net451, >= netstandard12
      System.Resources.ResourceManager (>= 4.0.1) - framework: >= net451, >= netstandard12
      System.Runtime (>= 4.1) - framework: >= net451, >= netstandard12
      System.Runtime.Extensions (>= 4.1) - framework: >= net451, >= netstandard12
      System.Text.RegularExpressions (>= 4.1) - framework: >= net451, >= netstandard12
      System.Threading.Tasks (>= 4.0.11) - framework: >= net451, >= netstandard12
    System.Diagnostics.Contracts (4.0.1) - framework: >= net46, >= netstandard13
      System.Runtime (>= 4.1) - framework: dnxcore50, >= netstandard10
    System.Diagnostics.Debug (4.0.11) - framework: net46, >= net46, netstandard13, >= netstandard13, >= netstandard15
      Microsoft.NETCore.Platforms (>= 1.0.1) - framework: >= net46, dnxcore50, >= netstandard10, >= netstandard13
      Microsoft.NETCore.Targets (>= 1.0.1) - framework: >= net46, dnxcore50, >= netstandard10, >= netstandard13
      System.Runtime (>= 4.1) - framework: >= net46, dnxcore50, >= netstandard10, >= netstandard13
    System.Diagnostics.Tracing (4.1) - framework: net46, >= net46, netstandard13, >= netstandard13, >= netstandard16
      Microsoft.NETCore.Platforms (>= 1.0.1) - framework: net45, net451, net452, net453, net46, >= net462, dnxcore50, >= netstandard11, >= netstandard12, >= netstandard13, >= netstandard15
      Microsoft.NETCore.Targets (>= 1.0.1) - framework: net45, net451, net452, net453, net46, >= net462, dnxcore50, >= netstandard11, >= netstandard12, >= netstandard13, >= netstandard15
      System.Runtime (>= 4.1) - framework: net45, net451, net452, net453, net46, >= net462, dnxcore50, >= netstandard11, >= netstandard12, >= netstandard13, >= netstandard15
    System.Globalization (4.0.11) - framework: net46, >= net46, netstandard13, >= netstandard13, >= netstandard15
      Microsoft.NETCore.Platforms (>= 1.0.1) - framework: >= net46, dnxcore50, >= netstandard10, >= netstandard13
      Microsoft.NETCore.Targets (>= 1.0.1) - framework: >= net46, dnxcore50, >= netstandard10, >= netstandard13
      System.Runtime (>= 4.1) - framework: >= net46, dnxcore50, >= netstandard10, >= netstandard13
    System.Globalization.Calendars (4.0.1) - framework: >= netstandard16
      Microsoft.NETCore.Platforms (>= 1.0.1) - framework: >= net46, >= netstandard13
      Microsoft.NETCore.Targets (>= 1.0.1) - framework: >= net46, >= netstandard13
      System.Globalization (>= 4.0.11) - framework: >= net46, >= netstandard13
      System.Runtime (>= 4.1) - framework: >= net46, >= netstandard13
    System.Globalization.Extensions (4.0.1) - framework: >= net46, >= netstandard13, >= netstandard15
      Microsoft.NETCore.Platforms (>= 1.0.1) - framework: >= net46, >= netstandard13
      System.Globalization (>= 4.0.11) - framework: >= net46, >= netstandard13
      System.Resources.ResourceManager (>= 4.0.1) - framework: >= net46, >= netstandard13
      System.Runtime (>= 4.1) - framework: >= net46, >= netstandard13
      System.Runtime.Extensions (>= 4.1) - framework: >= net46, >= netstandard13
      System.Runtime.InteropServices (>= 4.1) - framework: >= net46, >= netstandard13
    System.IO (4.1) - framework: net46, >= net46, netstandard13, >= netstandard13, >= netstandard15
      Microsoft.NETCore.Platforms (>= 1.0.1) - framework: net46, >= net462, dnxcore50, >= netstandard10, >= netstandard13, >= netstandard15
      Microsoft.NETCore.Targets (>= 1.0.1) - framework: net46, >= net462, dnxcore50, >= netstandard10, >= netstandard13, >= netstandard15
      System.Runtime (>= 4.1) - framework: net46, >= net462, dnxcore50, >= netstandard10, >= netstandard13, >= netstandard15
      System.Text.Encoding (>= 4.0.11) - framework: net46, >= net462, dnxcore50, >= netstandard10, >= netstandard13, >= netstandard15
      System.Threading.Tasks (>= 4.0.11) - framework: net46, >= net462, dnxcore50, >= netstandard10, >= netstandard13, >= netstandard15
    System.IO.FileSystem (4.0.1) - framework: >= net46, >= netstandard13, >= netstandard16
      Microsoft.NETCore.Platforms (>= 1.0.1) - framework: >= netstandard13
      Microsoft.NETCore.Targets (>= 1.0.1) - framework: >= netstandard13
      System.IO (>= 4.1) - framework: >= netstandard13
      System.IO.FileSystem.Primitives (>= 4.0.1) - framework: >= net46, >= netstandard13
      System.Runtime (>= 4.1) - framework: >= netstandard13
      System.Runtime.Handles (>= 4.0.1) - framework: >= netstandard13
      System.Text.Encoding (>= 4.0.11) - framework: >= netstandard13
      System.Threading.Tasks (>= 4.0.11) - framework: >= netstandard13
    System.IO.FileSystem.Primitives (4.0.1) - framework: >= net46, >= netstandard13, >= netstandard16
      System.Runtime (>= 4.1) - framework: >= net46, >= netstandard13
    System.Linq (4.1) - framework: net46, >= net46, netstandard13, >= netstandard13, >= netstandard15
      System.Collections (>= 4.0.11) - framework: >= net463, dnxcore50, >= netstandard10, >= netstandard16
      System.Diagnostics.Debug (>= 4.0.11) - framework: >= net463, dnxcore50, >= netstandard16
      System.Resources.ResourceManager (>= 4.0.1) - framework: >= net463, dnxcore50, >= netstandard16
      System.Runtime (>= 4.1) - framework: >= net463, dnxcore50, >= netstandard10, >= netstandard16
      System.Runtime.Extensions (>= 4.1) - framework: >= net463, dnxcore50, >= netstandard16
    System.Net.NameResolution (4.0) - framework: >= net46, >= netstandard13
      Microsoft.NETCore.Platforms (>= 1.0.1) - framework: >= net46, dnxcore50, >= netstandard13
      runtime.native.System (>= 4.0) - framework: >= net46, >= netstandard13
      System.Collections (>= 4.0.11) - framework: >= net46, dnxcore50, >= netstandard13
      System.Diagnostics.Tracing (>= 4.1) - framework: >= net46, dnxcore50, >= netstandard13
      System.Globalization (>= 4.0.11) - framework: >= net46, dnxcore50, >= netstandard13
      System.Net.Primitives (>= 4.0.11) - framework: >= net46, dnxcore50, >= netstandard13
      System.Resources.ResourceManager (>= 4.0.1) - framework: >= net46, dnxcore50, >= netstandard13
      System.Runtime (>= 4.1) - framework: >= net46, dnxcore50, >= netstandard13
      System.Runtime.Extensions (>= 4.1) - framework: >= net46, dnxcore50, >= netstandard13
      System.Runtime.Handles (>= 4.0.1) - framework: >= net46, dnxcore50, >= netstandard13
      System.Runtime.InteropServices (>= 4.1) - framework: >= net46, dnxcore50, >= netstandard13
      System.Security.Principal.Windows (>= 4.0) - framework: >= net46, >= netstandard13
      System.Threading (>= 4.0.11) - framework: >= net46, dnxcore50, >= netstandard13
      System.Threading.Tasks (>= 4.0.11) - framework: >= net46, dnxcore50, >= netstandard13
    System.Net.NetworkInformation (4.1) - framework: >= net46, >= netstandard13
      Microsoft.NETCore.Platforms (>= 1.0.1) - framework: >= net46, dnxcore50, >= netstandard13
      Microsoft.Win32.Primitives (>= 4.0.1) - framework: >= net46, dnxcore50, >= netstandard13
      runtime.native.System (>= 4.0) - framework: >= net46, >= netstandard13
      System.Collections (>= 4.0.11) - framework: >= net46, dnxcore50, >= netstandard13
      System.Diagnostics.Tracing (>= 4.1) - framework: >= net46, dnxcore50, >= netstandard13
      System.Globalization (>= 4.0.11) - framework: >= net46, dnxcore50, >= netstandard13
      System.IO (>= 4.1) - framework: >= net46, >= netstandard13
      System.IO.FileSystem (>= 4.0.1) - framework: >= net46, >= netstandard13
      System.IO.FileSystem.Primitives (>= 4.0.1) - framework: >= net46, >= netstandard13
      System.Linq (>= 4.1) - framework: >= net46, >= netstandard13
      System.Net.Primitives (>= 4.0.11) - framework: >= net46, dnxcore50, >= netstandard13
      System.Net.Sockets (>= 4.1) - framework: >= net46, >= netstandard13
      System.Resources.ResourceManager (>= 4.0.1) - framework: >= net46, dnxcore50, >= netstandard13
      System.Runtime (>= 4.1) - framework: >= net46, dnxcore50, >= netstandard10, >= netstandard13
      System.Runtime.Extensions (>= 4.1) - framework: >= net46, dnxcore50, >= netstandard13
      System.Runtime.Handles (>= 4.0.1) - framework: >= net46, >= netstandard13
      System.Runtime.InteropServices (>= 4.1) - framework: >= net46, dnxcore50, >= netstandard13
      System.Security.Principal.Windows (>= 4.0) - framework: >= net46, >= netstandard13
      System.Threading (>= 4.0.11) - framework: >= net46, dnxcore50, >= netstandard13
      System.Threading.Overlapped (>= 4.0.1) - framework: >= net46, >= netstandard13
      System.Threading.Tasks (>= 4.0.11) - framework: >= net46, dnxcore50, >= netstandard13
      System.Threading.Thread (>= 4.0) - framework: >= net46, >= netstandard13
      System.Threading.ThreadPool (>= 4.0.10) - framework: >= net46, >= netstandard13
    System.Net.Primitives (4.0.11) - framework: >= net46, netstandard13, >= netstandard13, >= netstandard16
      Microsoft.NETCore.Platforms (>= 1.0.1) - framework: net45, >= net46, dnxcore50, >= netstandard10, >= netstandard11, >= netstandard13
      Microsoft.NETCore.Targets (>= 1.0.1) - framework: net45, >= net46, dnxcore50, >= netstandard10, >= netstandard11, >= netstandard13
      System.Runtime (>= 4.1) - framework: net45, >= net46, dnxcore50, >= netstandard10, >= netstandard11, >= netstandard13
      System.Runtime.Handles (>= 4.0.1) - framework: >= net46, dnxcore50, >= netstandard13
    System.Net.Security (4.0) - framework: >= net46, >= netstandard13
      Microsoft.NETCore.Platforms (>= 1.0.1) - framework: netstandard13, >= netstandard16
      Microsoft.Win32.Primitives (>= 4.0.1) - framework: netstandard13, >= netstandard16
      runtime.native.System (>= 4.0) - framework: >= netstandard16
      runtime.native.System.Net.Security (>= 4.0.1) - framework: >= netstandard16
      runtime.native.System.Security.Cryptography (>= 4.0) - framework: >= netstandard16
      System.Collections (>= 4.0.11) - framework: netstandard13, >= netstandard16
      System.Collections.Concurrent (>= 4.0.12) - framework: netstandard13, >= netstandard16
      System.Diagnostics.Tracing (>= 4.1) - framework: netstandard13, >= netstandard16
      System.Globalization (>= 4.0.11) - framework: netstandard13, >= netstandard16
      System.Globalization.Extensions (>= 4.0.1) - framework: >= netstandard16
      System.IO (>= 4.1) - framework: netstandard13, >= netstandard16
      System.Net.Primitives (>= 4.0.11) - framework: netstandard13, >= netstandard16
      System.Resources.ResourceManager (>= 4.0.1) - framework: netstandard13, >= netstandard16
      System.Runtime (>= 4.1) - framework: netstandard13, >= netstandard16
      System.Runtime.Extensions (>= 4.1) - framework: netstandard13, >= netstandard16
      System.Runtime.Handles (>= 4.0.1) - framework: netstandard13, >= netstandard16
      System.Runtime.InteropServices (>= 4.1) - framework: netstandard13, >= netstandard16
      System.Security.Claims (>= 4.0.1) - framework: netstandard13, >= netstandard16
      System.Security.Cryptography.Algorithms (>= 4.2) - framework: >= netstandard16
      System.Security.Cryptography.Encoding (>= 4.0) - framework: >= netstandard16
      System.Security.Cryptography.OpenSsl (>= 4.0) - framework: >= netstandard16
      System.Security.Cryptography.Primitives (>= 4.0) - framework: netstandard13, >= netstandard16
      System.Security.Cryptography.X509Certificates (>= 4.1) - framework: >= net46, netstandard13, >= netstandard16
      System.Security.Principal (>= 4.0.1) - framework: netstandard13, >= netstandard16
      System.Security.Principal.Windows (>= 4.0) - framework: netstandard13
      System.Text.Encoding (>= 4.0.11) - framework: >= netstandard16
      System.Threading (>= 4.0.11) - framework: netstandard13, >= netstandard16
      System.Threading.Tasks (>= 4.0.11) - framework: netstandard13, >= netstandard16
      System.Threading.ThreadPool (>= 4.0.10) - framework: netstandard13, >= netstandard16
    System.Net.Sockets (4.1) - framework: >= net46, >= netstandard13
      Microsoft.NETCore.Platforms (>= 1.0.1) - framework: >= net46, >= netstandard13
      Microsoft.NETCore.Targets (>= 1.0.1) - framework: >= net46, >= netstandard13
      System.IO (>= 4.1) - framework: >= net46, >= netstandard13
      System.Net.Primitives (>= 4.0.11) - framework: >= net46, >= netstandard13
      System.Runtime (>= 4.1) - framework: >= net46, >= netstandard13
      System.Threading.Tasks (>= 4.0.11) - framework: >= net46, >= netstandard13
    System.Reflection (4.1) - framework: net46, >= net46, netstandard13, >= netstandard13, >= netstandard15
      Microsoft.NETCore.Platforms (>= 1.0.1) - framework: net46, >= net462, dnxcore50, >= netstandard10, >= netstandard13, >= netstandard15
      Microsoft.NETCore.Targets (>= 1.0.1) - framework: net46, >= net462, dnxcore50, >= netstandard10, >= netstandard13, >= netstandard15
      System.IO (>= 4.1) - framework: net46, >= net462, dnxcore50, >= netstandard10, >= netstandard13, >= netstandard15
      System.Reflection.Primitives (>= 4.0.1) - framework: net46, >= net462, dnxcore50, >= netstandard10, >= netstandard13, >= netstandard15
      System.Runtime (>= 4.1) - framework: net46, >= net462, dnxcore50, >= netstandard10, >= netstandard13, >= netstandard15
    System.Reflection.Extensions (4.0.1) - framework: >= net46, >= netstandard13, >= netstandard15
      Microsoft.NETCore.Platforms (>= 1.0.1) - framework: dnxcore50, >= netstandard10
      Microsoft.NETCore.Targets (>= 1.0.1) - framework: dnxcore50, >= netstandard10
      System.Reflection (>= 4.1) - framework: dnxcore50, >= netstandard10
      System.Runtime (>= 4.1) - framework: dnxcore50, >= netstandard10
    System.Reflection.Primitives (4.0.1) - framework: net46, >= net462, netstandard13, >= netstandard13, >= netstandard15
      Microsoft.NETCore.Platforms (>= 1.0.1) - framework: dnxcore50, >= netstandard10
      Microsoft.NETCore.Targets (>= 1.0.1) - framework: dnxcore50, >= netstandard10
      System.Runtime (>= 4.1) - framework: dnxcore50, >= netstandard10
    System.Reflection.TypeExtensions (4.1) - framework: >= net46, >= netstandard13, >= netstandard15
      System.Reflection (>= 4.1) - framework: >= net462, dnxcore50, netstandard13, >= netstandard15
      System.Runtime (>= 4.1) - framework: dnxcore50, netstandard13, >= netstandard15
    System.Resources.ResourceManager (4.0.1) - framework: net46, >= net46, netstandard13, >= netstandard13, >= netstandard15
      Microsoft.NETCore.Platforms (>= 1.0.1) - framework: dnxcore50, >= netstandard10
      Microsoft.NETCore.Targets (>= 1.0.1) - framework: dnxcore50, >= netstandard10
      System.Globalization (>= 4.0.11) - framework: dnxcore50, >= netstandard10
      System.Reflection (>= 4.1) - framework: dnxcore50, >= netstandard10
      System.Runtime (>= 4.1) - framework: dnxcore50, >= netstandard10
    System.Runtime (4.1) - framework: net46, >= net46, netstandard13, >= netstandard13, >= netstandard15
      Microsoft.NETCore.Platforms (>= 1.0.1) - framework: net451, net452, net453, net46, >= net462, dnxcore50, >= netstandard10, >= netstandard12, >= netstandard13, >= netstandard15
      Microsoft.NETCore.Targets (>= 1.0.1) - framework: net451, net452, net453, net46, >= net462, dnxcore50, >= netstandard10, >= netstandard12, >= netstandard13, >= netstandard15
    System.Runtime.Extensions (4.1) - framework: net46, >= net46, netstandard13, >= netstandard13, >= netstandard15
      Microsoft.NETCore.Platforms (>= 1.0.1) - framework: net46, >= net462, dnxcore50, >= netstandard10, >= netstandard13, >= netstandard15
      Microsoft.NETCore.Targets (>= 1.0.1) - framework: net46, >= net462, dnxcore50, >= netstandard10, >= netstandard13, >= netstandard15
      System.Runtime (>= 4.1) - framework: net46, >= net462, dnxcore50, >= netstandard10, >= netstandard13, >= netstandard15
    System.Runtime.Handles (4.0.1) - framework: net46, >= net46, netstandard13, >= netstandard13, >= netstandard15
      Microsoft.NETCore.Platforms (>= 1.0.1) - framework: >= net46, >= netstandard13
      Microsoft.NETCore.Targets (>= 1.0.1) - framework: >= net46, >= netstandard13
      System.Runtime (>= 4.1) - framework: >= net46, >= netstandard13
    System.Runtime.InteropServices (4.1) - framework: net46, >= net46, netstandard13, >= netstandard13, >= netstandard15
      Microsoft.NETCore.Platforms (>= 1.0.1) - framework: dnxcore50, netstandard11, netstandard12, netstandard13, >= netstandard15
      Microsoft.NETCore.Targets (>= 1.0.1) - framework: dnxcore50, netstandard11, netstandard12, netstandard13, >= netstandard15
      System.Reflection (>= 4.1) - framework: dnxcore50, netstandard11, netstandard12, netstandard13, >= netstandard15
      System.Reflection.Primitives (>= 4.0.1) - framework: dnxcore50, netstandard11, netstandard12, netstandard13, >= netstandard15
      System.Runtime (>= 4.1) - framework: >= net462, dnxcore50, netstandard11, netstandard12, netstandard13, >= netstandard15
      System.Runtime.Handles (>= 4.0.1) - framework: dnxcore50, netstandard13, >= netstandard15
    System.Runtime.InteropServices.RuntimeInformation (4.0) - framework: >= net46, >= netstandard13
      Microsoft.NETCore.Platforms (>= 1.0.1) - framework: >= net45, dnxcore50, >= netstandard11
      runtime.native.System (>= 4.0) - framework: >= net45, >= netstandard11
      System.Reflection (>= 4.1) - framework: >= net45, dnxcore50, >= netstandard11
      System.Resources.ResourceManager (>= 4.0.1) - framework: >= net45, dnxcore50, >= netstandard11
      System.Runtime (>= 4.1) - framework: >= net45, dnxcore50, >= netstandard11
      System.Runtime.InteropServices (>= 4.1) - framework: >= net45, >= netstandard11
      System.Threading (>= 4.0.11) - framework: >= net45, dnxcore50, >= netstandard11
    System.Runtime.Numerics (4.0.1) - framework: >= net46, >= netstandard13, >= netstandard16
      System.Globalization (>= 4.0.11) - framework: >= net46, dnxcore50, >= netstandard13
      System.Resources.ResourceManager (>= 4.0.1) - framework: >= net46, dnxcore50, >= netstandard13
      System.Runtime (>= 4.1) - framework: net45, >= net46, dnxcore50, >= netstandard11, >= netstandard13
      System.Runtime.Extensions (>= 4.1) - framework: >= net46, dnxcore50, >= netstandard13
    System.Security.Claims (4.0.1) - framework: >= net46, netstandard13, >= netstandard13, >= netstandard16
      System.Collections (>= 4.0.11) - framework: >= net46, >= netstandard13
      System.Globalization (>= 4.0.11) - framework: >= net46, >= netstandard13
      System.IO (>= 4.1) - framework: >= net46, >= netstandard13
      System.Resources.ResourceManager (>= 4.0.1) - framework: >= net46, >= netstandard13
      System.Runtime (>= 4.1) - framework: >= net46, >= netstandard13
      System.Runtime.Extensions (>= 4.1) - framework: >= net46, >= netstandard13
      System.Security.Principal (>= 4.0.1) - framework: >= net46, >= netstandard13
    System.Security.Cryptography.Algorithms (4.2) - framework: net46, >= net461, netstandard13, >= netstandard16
      Microsoft.NETCore.Platforms (>= 1.0.1) - framework: dnxcore50, >= netstandard16
      runtime.native.System.Security.Cryptography (>= 4.0) - framework: >= netstandard16
      System.Collections (>= 4.0.11) - framework: >= netstandard16
      System.IO (>= 4.1) - framework: >= net463, dnxcore50, netstandard13, netstandard14, >= netstandard16
      System.Resources.ResourceManager (>= 4.0.1) - framework: dnxcore50, >= netstandard16
      System.Runtime (>= 4.1) - framework: >= net463, dnxcore50, netstandard13, netstandard14, >= netstandard16
      System.Runtime.Extensions (>= 4.1) - framework: dnxcore50, >= netstandard16
      System.Runtime.Handles (>= 4.0.1) - framework: dnxcore50, >= netstandard16
      System.Runtime.InteropServices (>= 4.1) - framework: dnxcore50, >= netstandard16
      System.Runtime.Numerics (>= 4.0.1) - framework: >= netstandard16
      System.Security.Cryptography.Encoding (>= 4.0) - framework: >= net463, dnxcore50, >= netstandard16
      System.Security.Cryptography.Primitives (>= 4.0) - framework: net46, net461, >= net463, dnxcore50, netstandard13, netstandard14, >= netstandard16
      System.Text.Encoding (>= 4.0.11) - framework: dnxcore50, >= netstandard16
    System.Security.Cryptography.Cng (4.2) - framework: >= netstandard16
      Microsoft.NETCore.Platforms (>= 1.0.1) - framework: netstandard14, >= netstandard16
      System.IO (>= 4.1) - framework: netstandard13, netstandard14, >= netstandard16
      System.Resources.ResourceManager (>= 4.0.1) - framework: netstandard14, >= netstandard16
      System.Runtime (>= 4.1) - framework: netstandard13, netstandard14, >= netstandard16
      System.Runtime.Extensions (>= 4.1) - framework: netstandard14, >= netstandard16
      System.Runtime.Handles (>= 4.0.1) - framework: netstandard13, netstandard14, >= netstandard16
      System.Runtime.InteropServices (>= 4.1) - framework: netstandard14, >= netstandard16
      System.Security.Cryptography.Algorithms (>= 4.2) - framework: net46, net461, >= net463, netstandard13, netstandard14, >= netstandard16
      System.Security.Cryptography.Encoding (>= 4.0) - framework: netstandard14, >= netstandard16
      System.Security.Cryptography.Primitives (>= 4.0) - framework: net46, net461, >= net463, netstandard13, netstandard14, >= netstandard16
      System.Text.Encoding (>= 4.0.11) - framework: netstandard14, >= netstandard16
    System.Security.Cryptography.Csp (4.0) - framework: >= netstandard16
      Microsoft.NETCore.Platforms (>= 1.0.1) - framework: >= netstandard13
      System.IO (>= 4.1) - framework: >= netstandard13
      System.Reflection (>= 4.1) - framework: >= netstandard13
      System.Resources.ResourceManager (>= 4.0.1) - framework: >= netstandard13
      System.Runtime (>= 4.1) - framework: >= netstandard13
      System.Runtime.Extensions (>= 4.1) - framework: >= netstandard13
      System.Runtime.Handles (>= 4.0.1) - framework: >= netstandard13
      System.Runtime.InteropServices (>= 4.1) - framework: >= netstandard13
      System.Security.Cryptography.Algorithms (>= 4.2) - framework: >= net46, >= netstandard13
      System.Security.Cryptography.Encoding (>= 4.0) - framework: >= netstandard13
      System.Security.Cryptography.Primitives (>= 4.0) - framework: >= net46, >= netstandard13
      System.Text.Encoding (>= 4.0.11) - framework: >= netstandard13
      System.Threading (>= 4.0.11) - framework: >= netstandard13
    System.Security.Cryptography.Encoding (4.0) - framework: net46, >= net461, netstandard13, >= netstandard16
      Microsoft.NETCore.Platforms (>= 1.0.1) - framework: >= net46, >= netstandard13
      runtime.native.System.Security.Cryptography (>= 4.0) - framework: >= net46, >= netstandard13
      System.Collections (>= 4.0.11) - framework: >= net46, >= netstandard13
      System.Collections.Concurrent (>= 4.0.12) - framework: >= net46, >= netstandard13
      System.Linq (>= 4.1) - framework: >= net46, >= netstandard13
      System.Resources.ResourceManager (>= 4.0.1) - framework: >= net46, >= netstandard13
      System.Runtime (>= 4.1) - framework: >= net46, >= netstandard13
      System.Runtime.Extensions (>= 4.1) - framework: >= net46, >= netstandard13
      System.Runtime.Handles (>= 4.0.1) - framework: >= net46, >= netstandard13
      System.Runtime.InteropServices (>= 4.1) - framework: >= net46, >= netstandard13
      System.Security.Cryptography.Primitives (>= 4.0) - framework: >= net46, >= netstandard13
      System.Text.Encoding (>= 4.0.11) - framework: >= net46, >= netstandard13
    System.Security.Cryptography.OpenSsl (4.0) - framework: >= netstandard16
      runtime.native.System.Security.Cryptography (>= 4.0)
      System.Collections (>= 4.0.11) - framework: >= netstandard16
      System.IO (>= 4.1) - framework: >= netstandard16
      System.Resources.ResourceManager (>= 4.0.1) - framework: >= netstandard16
      System.Runtime (>= 4.1) - framework: >= netstandard16
      System.Runtime.Extensions (>= 4.1) - framework: >= net463, >= netstandard16
      System.Runtime.Handles (>= 4.0.1) - framework: >= netstandard16
      System.Runtime.InteropServices (>= 4.1) - framework: >= netstandard16
      System.Runtime.Numerics (>= 4.0.1) - framework: >= netstandard16
      System.Security.Cryptography.Algorithms (>= 4.2) - framework: >= net463, >= netstandard16
      System.Security.Cryptography.Encoding (>= 4.0) - framework: >= net463, >= netstandard16
      System.Security.Cryptography.Primitives (>= 4.0) - framework: >= net463, >= netstandard16
      System.Text.Encoding (>= 4.0.11) - framework: >= netstandard16
    System.Security.Cryptography.Primitives (4.0) - framework: net46, net461, >= net461, netstandard13, >= netstandard16
      System.Diagnostics.Debug (>= 4.0.11) - framework: >= net46, >= netstandard13
      System.Globalization (>= 4.0.11) - framework: >= net46, >= netstandard13
      System.IO (>= 4.1) - framework: >= net46, >= netstandard13
      System.Resources.ResourceManager (>= 4.0.1) - framework: >= net46, >= netstandard13
      System.Runtime (>= 4.1) - framework: >= net46, >= netstandard13
      System.Threading (>= 4.0.11) - framework: >= net46, >= netstandard13
      System.Threading.Tasks (>= 4.0.11) - framework: >= net46, >= netstandard13
    System.Security.Cryptography.X509Certificates (4.1) - framework: >= net46, netstandard13, >= netstandard16
      Microsoft.NETCore.Platforms (>= 1.0.1) - framework: dnxcore50, >= netstandard16
      runtime.native.System (>= 4.0) - framework: >= netstandard16
      runtime.native.System.Net.Http (>= 4.0.1) - framework: >= netstandard16
      runtime.native.System.Security.Cryptography (>= 4.0) - framework: >= netstandard16
      System.Collections (>= 4.0.11) - framework: dnxcore50, >= netstandard16
      System.Diagnostics.Debug (>= 4.0.11) - framework: >= netstandard16
      System.Globalization (>= 4.0.11) - framework: dnxcore50, >= netstandard16
      System.Globalization.Calendars (>= 4.0.1) - framework: dnxcore50, >= netstandard16
      System.IO (>= 4.1) - framework: dnxcore50, >= netstandard16
      System.IO.FileSystem (>= 4.0.1) - framework: dnxcore50, >= netstandard16
      System.IO.FileSystem.Primitives (>= 4.0.1) - framework: >= netstandard16
      System.Resources.ResourceManager (>= 4.0.1) - framework: dnxcore50, >= netstandard16
      System.Runtime (>= 4.1) - framework: dnxcore50, netstandard13, netstandard14, >= netstandard16
      System.Runtime.Extensions (>= 4.1) - framework: dnxcore50, >= netstandard16
      System.Runtime.Handles (>= 4.0.1) - framework: dnxcore50, netstandard13, netstandard14, >= netstandard16
      System.Runtime.InteropServices (>= 4.1) - framework: dnxcore50, >= netstandard16
      System.Runtime.Numerics (>= 4.0.1) - framework: dnxcore50, >= netstandard16
      System.Security.Cryptography.Algorithms (>= 4.2) - framework: net46, >= net461, dnxcore50, netstandard13, netstandard14, >= netstandard16
      System.Security.Cryptography.Cng (>= 4.2) - framework: dnxcore50, >= netstandard16
      System.Security.Cryptography.Csp (>= 4.0) - framework: >= netstandard16
      System.Security.Cryptography.Encoding (>= 4.0) - framework: net46, >= net461, dnxcore50, netstandard13, netstandard14, >= netstandard16
      System.Security.Cryptography.OpenSsl (>= 4.0) - framework: >= netstandard16
      System.Security.Cryptography.Primitives (>= 4.0) - framework: dnxcore50, >= netstandard16
      System.Text.Encoding (>= 4.0.11) - framework: dnxcore50, >= netstandard16
      System.Threading (>= 4.0.11) - framework: dnxcore50, >= netstandard16
    System.Security.Principal (4.0.1) - framework: >= net46, netstandard13, >= netstandard13, >= netstandard16
      System.Runtime (>= 4.1) - framework: dnxcore50, >= netstandard10
    System.Security.Principal.Windows (4.0) - framework: >= net46, >= netstandard13
      Microsoft.NETCore.Platforms (>= 1.0.1) - framework: >= netstandard13
      Microsoft.Win32.Primitives (>= 4.0.1) - framework: >= netstandard13
      System.Collections (>= 4.0.11) - framework: >= netstandard13
      System.Diagnostics.Debug (>= 4.0.11) - framework: >= netstandard13
      System.Reflection (>= 4.1) - framework: >= netstandard13
      System.Resources.ResourceManager (>= 4.0.1) - framework: >= netstandard13
      System.Runtime (>= 4.1) - framework: >= netstandard13
      System.Runtime.Extensions (>= 4.1) - framework: >= netstandard13
      System.Runtime.Handles (>= 4.0.1) - framework: >= netstandard13
      System.Runtime.InteropServices (>= 4.1) - framework: >= netstandard13
      System.Security.Claims (>= 4.0.1) - framework: >= net46, >= netstandard13
      System.Security.Principal (>= 4.0.1) - framework: >= netstandard13
      System.Text.Encoding (>= 4.0.11) - framework: >= netstandard13
      System.Threading (>= 4.0.11) - framework: >= netstandard13
    System.Text.Encoding (4.0.11) - framework: net46, >= net46, netstandard13, >= netstandard13, >= netstandard15
      Microsoft.NETCore.Platforms (>= 1.0.1) - framework: >= net46, dnxcore50, >= netstandard10, >= netstandard13
      Microsoft.NETCore.Targets (>= 1.0.1) - framework: >= net46, dnxcore50, >= netstandard10, >= netstandard13
      System.Runtime (>= 4.1) - framework: >= net46, dnxcore50, >= netstandard10, >= netstandard13
    System.Text.Encoding.Extensions (4.0.11) - framework: >= net46, >= netstandard13
      Microsoft.NETCore.Platforms (>= 1.0.1) - framework: >= net46, dnxcore50, >= netstandard10, >= netstandard13
      Microsoft.NETCore.Targets (>= 1.0.1) - framework: >= net46, dnxcore50, >= netstandard10, >= netstandard13
      System.Runtime (>= 4.1) - framework: >= net46, dnxcore50, >= netstandard10, >= netstandard13
      System.Text.Encoding (>= 4.0.11) - framework: >= net46, dnxcore50, >= netstandard10, >= netstandard13
    System.Text.RegularExpressions (4.1) - framework: >= net46, >= netstandard13
      System.Collections (>= 4.0.11) - framework: >= net463, dnxcore50, >= netstandard16
      System.Globalization (>= 4.0.11) - framework: >= net463, dnxcore50, >= netstandard16
      System.Resources.ResourceManager (>= 4.0.1) - framework: >= net463, dnxcore50, >= netstandard16
      System.Runtime (>= 4.1) - framework: net46, >= net463, dnxcore50, >= netstandard10, >= netstandard13, >= netstandard16
      System.Runtime.Extensions (>= 4.1) - framework: >= net463, dnxcore50, >= netstandard16
      System.Threading (>= 4.0.11) - framework: >= net463, dnxcore50, >= netstandard16
    System.Threading (4.0.11) - framework: net46, >= net46, netstandard13, >= netstandard13, >= netstandard15
      System.Runtime (>= 4.1) - framework: >= net46, dnxcore50, >= netstandard10, >= netstandard13
      System.Threading.Tasks (>= 4.0.11) - framework: >= net46, dnxcore50, >= netstandard10, >= netstandard13
    System.Threading.Overlapped (4.0.1) - framework: >= net46, >= netstandard13
      Microsoft.NETCore.Platforms (>= 1.0.1) - framework: >= net46, dnxcore50, >= netstandard13
      System.Resources.ResourceManager (>= 4.0.1) - framework: >= net46, dnxcore50, >= netstandard13
      System.Runtime (>= 4.1) - framework: >= net46, dnxcore50, >= netstandard13
      System.Runtime.Handles (>= 4.0.1) - framework: >= net46, dnxcore50, >= netstandard13
    System.Threading.Tasks (4.0.11) - framework: net46, >= net46, netstandard13, >= netstandard13, >= netstandard15
      Microsoft.NETCore.Platforms (>= 1.0.1) - framework: >= net46, dnxcore50, >= netstandard10, >= netstandard13
      Microsoft.NETCore.Targets (>= 1.0.1) - framework: >= net46, dnxcore50, >= netstandard10, >= netstandard13
      System.Runtime (>= 4.1) - framework: >= net46, dnxcore50, >= netstandard10, >= netstandard13
    System.Threading.Thread (4.0) - framework: >= net46, >= netstandard13
      System.Runtime (>= 4.1) - framework: >= net46, >= netstandard13
    System.Threading.ThreadPool (4.0.10) - framework: >= net46, netstandard13, >= netstandard13, >= netstandard16
      System.Runtime (>= 4.1) - framework: >= net46, >= netstandard13
      System.Runtime.Handles (>= 4.0.1) - framework: >= net46, >= netstandard13
    System.Threading.Timer (4.0.1) - framework: >= net46, >= netstandard13
      Microsoft.NETCore.Platforms (>= 1.0.1) - framework: >= net451, dnxcore50, >= netstandard12
      Microsoft.NETCore.Targets (>= 1.0.1) - framework: >= net451, dnxcore50, >= netstandard12
      System.Runtime (>= 4.1) - framework: >= net451, dnxcore50, >= netstandard12
    Zlib.Portable (1.11) - framework: portable-net45+sl5+win8, portable-net45+win8, portable-net45+win8+wp8+wpa81
