NUGET
  remote: https://www.nuget.org/api/v2
    Aether (8.1.2)
    Chiron (6.2.1)
      Aether (>= 8.0.2 < 9.0)
      FParsec (>= 1.0 < 2.0)
    FAKE (4.41.1)
    Fleece (0.4)
      FSharpPlus (>= 0.0.4)
      ReadOnlyCollectionExtensions (>= 1.2)
      ReadOnlyCollectionInterfaces (1.0)
      System.Json (>= 4.0.20126.16343)
    FParsec (1.0.2)
    FsControl (1.0.13)
    FSharp.Configuration (0.6.2)
    FSharp.Core (4.0.0.1)
    FSharp.Data (2.2.5)
      Zlib.Portable (>= 1.10) - framework: portable-net40+sl50+wp80+win80
    FSharpPlus (0.0.4)
      FsControl (>= 1.0.9)
    LinqBridge (1.3) - framework: net20
    Npgsql (2.2.7)
    ReadOnlyCollectionExtensions (1.3)
      LinqBridge (>= 1.3) - framework: net20
      ReadOnlyCollectionInterfaces (1.0) - framework: net20, >= net35
    ReadOnlyCollectionInterfaces (1.0)
    SQLProvider (1.0.24)
    Suave (1.1.3)
      FSharp.Core (>= 3.1.2.5)
    Suave.Experimental (1.1.3)
      FSharp.Core (>= 3.1.2.5)
      Suave (>= 1.1.3)
    System.Core (3.5.21022.801)
    System.Json (4.0.20126.16343)
    System.Xml.Linq (3.5.21022.801)
    Zlib.Portable (1.11) - framework: portable-net40+sl50+wp80+win80
