NUGET
  remote: https://www.nuget.org/api/v2
    FAKE (4.39)
    FSharp.Configuration (0.6.2)
    FSharp.Core (4.0.0.1)
    FSharp.Data (2.3.2)
      Zlib.Portable (>= 1.11) - framework: portable-net45+sl5+win8, portable-net45+win8, portable-net45+win8+wp8+wpa81
    Npgsql (2.2.7)
    SQLProvider (1.0.24)
    Suave (1.1.3)
      FSharp.Core (>= 3.1.2.5)
    Zlib.Portable (1.11) - framework: portable-net45+sl5+win8, portable-net45+win8, portable-net45+win8+wp8+wpa81
